GIT
  remote: git://github.com/ruby-amqp/amq-client.git
  revision: 998642fd95e78a8998af5101faaecc7fc326c185
  specs:
    amq-client (0.7.0.alpha35.pre)
      amq-protocol (>= 0.7.0.alpha6)
      eventmachine

GIT
  remote: git://github.com/ruby-amqp/amqp.git
  revision: a417f7548b9e7bb4dfac3630fb336cf89da61011
  specs:
    amqp (0.8.0.rc13.pre)
      amq-client (>= 0.7.0.alpha34)
      amq-protocol (>= 0.7.0.alpha6)
      eventmachine

GEM
  remote: http://rubygems.org/
  specs:
    actionmailer (2.3.10)
      actionpack (= 2.3.10)
    actionpack (2.3.10)
      activesupport (= 2.3.10)
      rack (~> 1.1.0)
    activerecord (2.3.10)
      activesupport (= 2.3.10)
    activeresource (2.3.10)
      activesupport (= 2.3.10)
    activesupport (2.3.10)
    amq-protocol (0.7.0.alpha6)
    daemon_controller (0.2.6)
    eventmachine (0.12.10)
    fastthread (1.0.7)
    passenger (3.0.7)
      daemon_controller (>= 0.2.5)
      fastthread (>= 1.0.1)
      rack
      rake (>= 0.8.1)
    pg (0.11.0)
    rack (1.1.2)
    rails (2.3.10)
      actionmailer (= 2.3.10)
      actionpack (= 2.3.10)
      activerecord (= 2.3.10)
      activeresource (= 2.3.10)
      activesupport (= 2.3.10)
      rake (>= 0.8.3)
    rake (0.9.0)

PLATFORMS
  ruby

DEPENDENCIES
  amq-client!
  amqp!
  passenger (= 3.0.7)
  pg
  rack (~> 1.1.0)
  rails (= 2.3.10)
